PATH
  remote: .
  specs:
    logstash-devutils (0.0.7)
      gem_publisher
      insist (= 1.0.0)
      minitar
      rake

GEM
  remote: https://rubygems.org/
  specs:
    diff-lcs (1.2.5)
    gem_publisher (1.5.0)
    insist (1.0.0)
    minitar (0.5.4)
    rake (10.4.2)
    rspec (2.14.1)
      rspec-core (~> 2.14.0)
      rspec-expectations (~> 2.14.0)
      rspec-mocks (~> 2.14.0)
    rspec-core (2.14.8)
    rspec-expectations (2.14.5)
      diff-lcs (>= 1.1.3, < 2.0)
    rspec-mocks (2.14.6)

PLATFORMS
  java
  ruby

DEPENDENCIES
  logstash-devutils!
  rspec (~> 2.14.0)
